GIT
  remote: git://github.com/gosuri/petit.git
  revision: 2e4772635e1c5d7336ff3fef11f8821c7ee8e7bf
  specs:
    petit (0.0.1)
      rack
      thor

GEM
  remote: http://rubygems.org/
  specs:
    rack (1.3.2)
    thor (0.14.6)

PLATFORMS
  ruby

DEPENDENCIES
  petit!
