GEM
  remote: http://rubygems.org/
  specs:
    petit (0.0.1)
      rack
      thor
    rack (1.3.2)
    thor (0.14.6)

PLATFORMS
  ruby

DEPENDENCIES
  petit
